GIT
  remote: git://github.com/Mapotempo/leaflet-controlledbounds-rails.git
  revision: ed306c23e5fba964384ceab8f9cc5e2e468f196d
  specs:
    leaflet-controlledbounds-rails (0.0.1)

GIT
  remote: git://github.com/Mapotempo/mapotempo_web_by_time_distance.git
  revision: a79653124b64d5ae50780058627de55b1581dd39
  specs:
    mapotempo_web_by_time_distance (0.0.1)

GIT
  remote: git://github.com/Mapotempo/mapotempo_web_import_vehicle_store.git
  revision: 63d33b04e8408e725898970575616a6b1d258f61
  specs:
    mapotempo_web_import_vehicle_store (0.0.1)

GIT
  remote: git://github.com/Mapotempo/sidebar-v2-gh-pages-rails.git
  revision: 11f7717f4eca02b4be4567142d2df6e0274c8fc1
  specs:
    sidebar-v2-gh-pages-rails (0.0.1)

GIT
  remote: git://github.com/frodrigo/jquery-timeentry-rails.git
  revision: ccecc885d334b772d065bb722e2d4528a9f9a40c
  specs:
    jquery-timeentry-rails (1.5.2)
      railties (>= 3.1.0)

GIT
  remote: git://github.com/frodrigo/leaflet-control-geocoder-rails.git
  revision: 178e6f338a1c660c69af5881b42c4495f40fc8f6
  specs:
    leaflet-control-geocoder-rails (1.0.0.1)

GIT
  remote: git://github.com/frodrigo/leaflet-draw-rails.git
  revision: 4b7fef8893af08f9e225e9265c07cb1e1191d459
  specs:
    leaflet-draw-rails (0.2.4.1)

GIT
  remote: git://github.com/frodrigo/leaflet-hash-rails.git
  revision: 02989ba2649e632f64a83d7392b44d6055a7bed9
  specs:
    leaflet-hash-rails (0.2.1)
      railties (>= 3.1.0)

GIT
  remote: git://github.com/frodrigo/leaflet_numbered_markers-rails.git
  revision: 1f88c5329c3d5a4c866ceb4f7100a96a2a71a51a
  specs:
    leaflet_numbered_markers-rails (0.0.1)

GIT
  remote: git://github.com/frodrigo/paloma.git
  revision: 3a92dfc6b7d8d864d3a1f3955d05d1261ecec214
  branch: 3.0
  specs:
    paloma (3.0.1)
      jquery-rails

GIT
  remote: git://github.com/frodrigo/twitter_bootstrap_form_for.git
  revision: 8d774e449d146afcfac4c0e72d9c970ab3b372dc
  specs:
    twitter_bootstrap_form_for (2.0.0.beta)
      actionpack (~> 4)
      railties (~> 4)

GIT
  remote: git://github.com/moneyadviceservice/tidy-html5-gem.git
  revision: 54b78c66e94b32ab73d9907508857f4ceee5e032
  specs:
    tidy-html5 (0.1.1)

GIT
  remote: git://github.com/ruby-grape/grape-swagger.git
  revision: d0a59eb08eff57f740de7e112dfdab209487c968
  specs:
    grape-swagger (0.10.3)
      grape (>= 0.8.0)
      grape-entity

GIT
  remote: git://github.com/ruby-grape/grape.git
  revision: 7722cd1c9d789439ce655519ef943144c72149b4
  specs:
    grape (0.13.1)
      activesupport
      builder
      hashie (>= 2.1.0)
      multi_json (>= 1.3.2)
      multi_xml (>= 0.5.2)
      rack (>= 1.3.0)
      rack-accept
      rack-mount
      virtus (>= 1.0.0)

GEM
  remote: https://rubygems.org/
  specs:
    actionmailer (4.2.5)
      actionpack (= 4.2.5)
      actionview (= 4.2.5)
      activejob (= 4.2.5)
      mail (~> 2.5, >= 2.5.4)
      rails-dom-testing (~> 1.0, >= 1.0.5)
    actionpack (4.2.5)
      actionview (= 4.2.5)
      activesupport (= 4.2.5)
      rack (~> 1.6)
      rack-test (~> 0.6.2)
      rails-dom-testing (~> 1.0, >= 1.0.5)
      rails-html-sanitizer (~> 1.0, >= 1.0.2)
    actionview (4.2.5)
      activesupport (= 4.2.5)
      builder (~> 3.1)
      erubis (~> 2.7.0)
      rails-dom-testing (~> 1.0, >= 1.0.5)
      rails-html-sanitizer (~> 1.0, >= 1.0.2)
    activejob (4.2.5)
      activesupport (= 4.2.5)
      globalid (>= 0.3.0)
    activemodel (4.2.5)
      activesupport (= 4.2.5)
      builder (~> 3.1)
    activerecord (4.2.5)
      activemodel (= 4.2.5)
      activesupport (= 4.2.5)
      arel (~> 6.0)
    activesupport (4.2.5)
      i18n (~> 0.7)
      json (~> 1.7, >= 1.7.7)
      minitest (~> 5.1)
      thread_safe (~> 0.3, >= 0.3.4)
      tzinfo (~> 1.1)
    addressable (2.4.0)
    ai4r (1.13)
    akami (1.3.1)
      gyoku (>= 0.4.0)
      nokogiri
    amoeba (3.0.0)
      activerecord (>= 3.2.6)
    arel (6.0.3)
    ast (2.2.0)
    astrolabe (1.3.1)
      parser (~> 2.2)
    auto_strip_attributes (2.0.6)
      activerecord (>= 3.0)
    axiom-types (0.1.1)
      descendants_tracker (~> 0.0.4)
      ice_nine (~> 0.11.0)
      thread_safe (~> 0.3, >= 0.3.1)
    bcrypt (3.1.10)
    binding_of_caller (0.7.2)
      debug_inspector (>= 0.0.1)
    bootstrap-datepicker-rails (1.5.0)
      railties (>= 3.0)
    bootstrap-filestyle-rails (1.1.2)
    bootstrap-select-rails (1.6.3)
    bootstrap-wysihtml5-rails (0.3.3.7)
      railties (>= 3.0)
    browser (1.1.0)
    builder (3.2.2)
    byebug (8.2.1)
    cancancan (1.11.0)
    carrierwave (0.10.0)
      activemodel (>= 3.2.0)
      activesupport (>= 3.2.0)
      json (>= 1.7)
      mime-types (>= 1.16)
    charlock_holmes (0.7.3)
    childprocess (0.5.9)
      ffi (~> 1.0, >= 1.0.11)
    coercible (1.0.0)
      descendants_tracker (~> 0.0.1)
    coffee-rails (4.1.1)
      coffee-script (>= 2.2.0)
      railties (>= 4.0.0, < 5.1.x)
    coffee-script (2.4.1)
      coffee-script-source
      execjs
    coffee-script-source (1.10.0)
    color (1.8)
    commonjs (0.2.7)
    crack (0.4.3)
      safe_yaml (~> 1.0.0)
    crass (1.0.2)
    daemons (1.2.3)
    database_cleaner (1.5.1)
    debug_inspector (0.0.2)
    delayed_job (4.1.1)
      activesupport (>= 3.0, < 5.0)
    delayed_job_active_record (4.1.0)
      activerecord (>= 3.0, < 5)
      delayed_job (>= 3.0, < 5)
    descendants_tracker (0.0.4)
      thread_safe (~> 0.3, >= 0.3.1)
    devise (3.5.3)
      bcrypt (~> 3.0)
      orm_adapter (~> 0.1)
      railties (>= 3.2.6, < 5)
      responders
      thread_safe (~> 0.1)
      warden (~> 1.2.3)
    devise-i18n (0.12.1)
    devise-i18n-views (0.3.7)
    diff-lcs (1.2.5)
    docile (1.1.5)
    domain_name (0.5.25)
      unf (>= 0.0.5, < 1.0.0)
    equalizer (0.0.11)
    erubis (2.7.0)
    execjs (2.6.0)
    ffi (1.9.10)
    font-awesome-rails (4.5.0.0)
      railties (>= 3.2, < 5.0)
    globalid (0.3.6)
      activesupport (>= 4.1.0)
    grape-entity (0.4.8)
      activesupport
      multi_json (>= 1.3.2)
    gyoku (1.3.1)
      builder (>= 2.1.2)
    hashdiff (0.2.3)
    hashie (3.4.3)
    hike (1.2.3)
    html_validation (1.1.3)
    http-cookie (1.0.2)
      domain_name (~> 0.5)
    httpi (2.4.1)
      rack
    i18n (0.7.0)
    i18n-js (2.1.2)
      i18n
    ice_nine (0.11.1)
    iconv (1.0.4)
    jbuilder (2.4.0)
      activesupport (>= 3.0.0, < 5.1)
      multi_json (~> 1.2)
    jquery-rails (4.1.0)
      rails-dom-testing (~> 1.0)
      railties (>= 4.2.0)
      thor (>= 0.14, < 2.0)
    jquery-simplecolorpicker-rails (0.5.0)
      railties (>= 3.1.0)
    jquery-tablesorter (1.20.1)
      railties (>= 3.2, < 6)
    jquery-turbolinks (2.1.0)
      railties (>= 3.1.0)
      turbolinks
    jquery-ui-rails (5.0.5)
      railties (>= 3.2.16)
    json (1.8.3)
    leaflet-markercluster-rails (0.7.0)
      railties (>= 3.1)
    leaflet-rails (0.7.4)
    less (2.6.0)
      commonjs (~> 0.2.7)
    less-rails (2.7.1)
      actionpack (>= 4.0)
      less (~> 2.6.0)
      sprockets (> 2, < 4)
      tilt
    libv8 (3.16.14.13)
    lograge (0.3.5)
      actionpack (>= 3)
      activesupport (>= 3)
      railties (>= 3)
    loofah (2.0.3)
      nokogiri (>= 1.5.9)
    macaddr (1.7.1)
      systemu (~> 2.6.2)
    mail (2.5.4)
      mime-types (~> 1.16)
      treetop (~> 1.4.8)
    mime-types (1.25.1)
    mini_portile2 (2.0.0)
    minitest (5.8.3)
    minitest-around (0.3.2)
      minitest (~> 5.0)
    minitest-focus (1.1.2)
      minitest (>= 4, < 6)
    minitest-stub_any_instance (1.0.1)
    multi_json (1.11.2)
    multi_xml (0.5.5)
    mustache (0.99.8)
    netrc (0.11.0)
    nilify_blanks (1.2.1)
      activerecord (>= 3.0.0)
      activesupport (>= 3.0.0)
    nokogiri (1.6.7.1)
      mini_portile2 (~> 2.0.0.rc2)
    nokogumbo (1.4.7)
      nokogiri
    nori (2.6.0)
    orm_adapter (0.5.0)
    parser (2.2.3.0)
      ast (>= 1.1, < 3.0)
    pg (0.18.4)
    pnotify-rails (3.0.0)
    polyglot (0.3.5)
    polylines (0.3.0)
    powerpack (0.1.1)
    rack (1.6.4)
    rack-accept (0.4.5)
      rack (>= 0.4)
    rack-cors (0.4.0)
    rack-mount (0.8.3)
      rack (>= 1.0.0)
    rack-test (0.6.3)
      rack (>= 1.0)
    rails (4.2.5)
      actionmailer (= 4.2.5)
      actionpack (= 4.2.5)
      actionview (= 4.2.5)
      activejob (= 4.2.5)
      activemodel (= 4.2.5)
      activerecord (= 4.2.5)
      activesupport (= 4.2.5)
      bundler (>= 1.3.0, < 2.0)
      railties (= 4.2.5)
      sprockets-rails
    rails-deprecated_sanitizer (1.0.3)
      activesupport (>= 4.2.0.alpha)
    rails-dom-testing (1.0.7)
      activesupport (>= 4.2.0.beta, < 5.0)
      nokogiri (~> 1.6.0)
      rails-deprecated_sanitizer (>= 1.0.1)
    rails-html-sanitizer (1.0.2)
      loofah (~> 2.0)
    rails-i18n (4.0.8)
      i18n (~> 0.7)
      railties (~> 4.0)
    rails_12factor (0.0.3)
      rails_serve_static_assets
      rails_stdout_logging
    rails_engine_decorators (1.0.0)
      railties (>= 3.2.8)
    rails_serve_static_assets (0.0.4)
    rails_stdout_logging (0.0.4)
    railties (4.2.5)
      actionpack (= 4.2.5)
      activesupport (= 4.2.5)
      rake (>= 0.8.7)
      thor (>= 0.18.1, < 2.0)
    rainbow (2.0.0)
    rake (10.5.0)
    rdoc (4.2.1)
      json (~> 1.4)
    ref (2.0.0)
    responders (2.1.1)
      railties (>= 4.2.0, < 5.1)
    rest-client (1.8.0)
      http-cookie (>= 1.0.2, < 2.0)
      mime-types (>= 1.16, < 3.0)
      netrc (~> 0.7)
    rgeo (0.5.2)
    rgeo-geojson (0.4.2)
      rgeo (~> 0.5)
    rspec-core (3.0.4)
      rspec-support (~> 3.0.0)
    rspec-expectations (3.0.4)
      diff-lcs (>= 1.2.0, < 2.0)
      rspec-support (~> 3.0.0)
    rspec-mocks (3.0.4)
      rspec-support (~> 3.0.0)
    rspec-rails (3.0.2)
      actionpack (>= 3.0)
      activesupport (>= 3.0)
      railties (>= 3.0)
      rspec-core (~> 3.0.0)
      rspec-expectations (~> 3.0.0)
      rspec-mocks (~> 3.0.0)
      rspec-support (~> 3.0.0)
    rspec-support (3.0.4)
    rubocop (0.35.1)
      astrolabe (~> 1.3)
      parser (>= 2.2.3.0, < 3.0)
      powerpack (~> 0.1)
      rainbow (>= 1.99.1, < 3.0)
      ruby-progressbar (~> 1.7)
      tins (<= 1.6.0)
    ruby-progressbar (1.7.5)
    rubyzip (1.1.7)
    safe_yaml (1.0.4)
    sanitize (4.0.1)
      crass (~> 1.0.2)
      nokogiri (>= 1.4.4)
      nokogumbo (~> 1.4.1)
    sass (3.4.21)
    sass-rails (5.0.4)
      railties (>= 4.0.0, < 5.0)
      sass (~> 3.1)
      sprockets (>= 2.8, < 4.0)
      sprockets-rails (>= 2.0, < 4.0)
      tilt (>= 1.1, < 3)
    savon (2.11.1)
      akami (~> 1.2)
      builder (>= 2.1.2)
      gyoku (~> 1.2)
      httpi (~> 2.3)
      nokogiri (>= 1.4.0)
      nori (~> 2.4)
      wasabi (~> 3.4)
    savon-multipart (2.0.2)
      mail (~> 2.5.4)
      savon (~> 2)
    sdoc (0.4.1)
      json (~> 1.7, >= 1.7.7)
      rdoc (~> 4.0)
    select2-rails (4.0.0)
      thor (~> 0.14)
    selenium-webdriver (2.48.1)
      childprocess (~> 0.5)
      multi_json (~> 1.0)
      rubyzip (~> 1.0)
      websocket (~> 1.0)
    sim_annealing (0.0.2)
    simplecov (0.11.1)
      docile (~> 1.1.0)
      json (~> 1.8)
      simplecov-html (~> 0.10.0)
    simplecov-html (0.10.0)
    smt_rails (0.2.7)
      mustache (>= 0.99.4)
      rails (>= 3.1.0)
      sprockets (>= 2.0.3)
      tilt (>= 1.3.3)
    sprockets (2.12.4)
      hike (~> 1.2)
      multi_json (~> 1.0)
      rack (~> 1.0)
      tilt (~> 1.1, != 1.3.0)
    sprockets-rails (2.3.3)
      actionpack (>= 3.0)
      activesupport (>= 3.0)
      sprockets (>= 2.8, < 4.0)
    swagger-docs (0.2.6)
      activesupport (>= 3, < 5)
      rails (>= 3, < 5)
    systemu (2.6.5)
    therubyracer (0.12.2)
      libv8 (~> 3.16.14.0)
      ref
    thor (0.19.1)
    thread_safe (0.3.5)
    tilt (1.4.1)
    timeliness (0.3.8)
    tins (1.6.0)
    treetop (1.4.15)
      polyglot
      polyglot (>= 0.3.1)
    turbolinks (2.5.3)
      coffee-rails
    twitter-bootstrap-rails (3.2.2)
      actionpack (>= 3.1)
      execjs (>= 2.2.2, >= 2.2)
      less-rails (>= 2.5.0)
      railties (>= 3.1)
    tzinfo (1.2.2)
      thread_safe (~> 0.1)
    uglifier (2.7.2)
      execjs (>= 0.3.0)
      json (>= 1.8.0)
    unf (0.1.4)
      unf_ext
    unf_ext (0.0.7.1)
    validates_timeliness (4.0.2)
      timeliness (~> 0.3.7)
    virtus (1.0.5)
      axiom-types (~> 0.1)
      coercible (~> 1.0)
      descendants_tracker (~> 0.0, >= 0.0.3)
      equalizer (~> 0.0, >= 0.0.9)
    warden (1.2.4)
      rack (>= 1.0)
    wasabi (3.5.0)
      httpi (~> 2.0)
      nokogiri (>= 1.4.2)
    web-console (2.2.1)
      activemodel (>= 4.0)
      binding_of_caller (>= 0.7.2)
      railties (>= 4.0)
      sprockets-rails (>= 2.0, < 4.0)
    webmock (1.22.6)
      addressable (>= 2.3.6)
      crack (>= 0.3.2)
      hashdiff
    websocket (1.2.2)

PLATFORMS
  ruby

DEPENDENCIES
  ai4r
  amoeba
  auto_strip_attributes
  bootstrap-datepicker-rails
  bootstrap-filestyle-rails
  bootstrap-select-rails
  bootstrap-wysihtml5-rails
  browser
  byebug
  cancancan (= 1.11.0)
  carrierwave
  charlock_holmes
  coffee-rails (~> 4.1.0)
  color
  daemons
  database_cleaner
  delayed_job
  delayed_job_active_record
  devise
  devise-i18n
  devise-i18n-views
  execjs
  font-awesome-rails
  grape!
  grape-entity
  grape-swagger!
  html_validation
  i18n-js
  iconv
  jbuilder (~> 2.0)
  jquery-rails
  jquery-simplecolorpicker-rails
  jquery-tablesorter
  jquery-timeentry-rails!
  jquery-turbolinks
  jquery-ui-rails
  leaflet-control-geocoder-rails!
  leaflet-controlledbounds-rails!
  leaflet-draw-rails!
  leaflet-hash-rails!
  leaflet-markercluster-rails
  leaflet-rails
  leaflet_numbered_markers-rails!
  lograge
  macaddr
  mapotempo_web_by_time_distance!
  mapotempo_web_import_vehicle_store!
  minitest-around
  minitest-focus
  minitest-stub_any_instance
  mustache (< 1.0.0)
  nilify_blanks
  paloma!
  pg
  pnotify-rails
  polylines
  rack-cors
  rails (~> 4.2)
  rails-i18n
  rails_12factor
  rails_engine_decorators
  rest-client
  rgeo
  rgeo-geojson
  rspec-rails (~> 3.0.0)
  rubocop
  rubyzip
  sanitize
  sass-rails (~> 5.0)
  savon
  savon-multipart (~> 2.0.2)
  sdoc (~> 0.4.0)
  select2-rails (= 4.0.0)
  selenium-webdriver
  sidebar-v2-gh-pages-rails!
  sim_annealing
  simplecov
  smt_rails
  sprockets (~> 2)
  swagger-docs
  therubyracer
  tidy-html5!
  turbolinks
  twitter-bootstrap-rails
  twitter_bootstrap_form_for!
  uglifier (>= 1.3.0)
  validates_timeliness
  web-console (~> 2.0)
  webmock

BUNDLED WITH
   1.11.2
